GEM
  remote: https://rubygems.org/
  specs:
    faker (1.8.4)
      i18n (~> 0.5)
    faraday (0.10.0)
      multipart-post (>= 1.2, < 3)
    faraday_middleware (0.10.1)
      faraday (>= 0.7.4, < 1.0)
    i18n (0.8.6)
    multipart-post (2.0.0)

PLATFORMS
  ruby

DEPENDENCIES
  faker (= 1.8.4)
  faraday (= 0.10.0)
  faraday_middleware (= 0.10.1)

BUNDLED WITH
   1.13.6
